GIT
  remote: git://github.com/QueueClassic/queue_classic.git
  revision: 51d56ca6fa2fdf1eeffdffd702ae1cc0940b5156
  branch: master
  specs:
    queue_classic (3.2.0.RC1)
      pg (>= 0.17, < 0.20)

GIT
  remote: git://github.com/collectiveidea/delayed_job.git
  revision: e3772d4f0c8470d0fcba00c86ca3bc4f5e876830
  specs:
    delayed_job (4.1.2)
      activesupport (>= 3.0, < 5.1)

GIT
  remote: git://github.com/collectiveidea/delayed_job_active_record.git
  revision: 36f434c4fd660e8f11ce932be117e9c71dde7212
  specs:
    delayed_job_active_record (4.1.1)
      activerecord (>= 3.0, < 5.1)
      delayed_job (>= 3.0, < 5)

GIT
  remote: git://github.com/matthewd/rb-inotify.git
  revision: 90553518d1fb79aedc98a3036c59bd2b6731ac40
  branch: close-handling
  specs:
    rb-inotify (0.9.7)
      ffi (>= 0.5.0)

GIT
  remote: git://github.com/resque/resque.git
  revision: 835a4a7e61a2e33832dbf11975ecfab54af293c6
  specs:
    resque (1.27.0)
      mono_logger (~> 1.0)
      multi_json (~> 1.0)
      redis-namespace (~> 1.3)
      sinatra (>= 0.9.2)
      vegas (~> 0.1.2)

GIT
  remote: git://github.com/sass/sass.git
  revision: 0154f6589cd438c0389963416e25340bc55b4358
  branch: stable
  specs:
    sass (3.4.23)

GEM
  remote: https://rubygems.org/
  specs:
    actionpack (5.0.1)
      actionview (= 5.0.1)
      activesupport (= 5.0.1)
      rack (~> 2.0)
      rack-test (~> 0.6.3)
      rails-dom-testing (~> 2.0)
      rails-html-sanitizer (~> 1.0, >= 1.0.2)
    actionview (5.0.1)
      activesupport (= 5.0.1)
      builder (~> 3.1)
      erubis (~> 2.7.0)
      rails-dom-testing (~> 2.0)
      rails-html-sanitizer (~> 1.0, >= 1.0.2)
    activemodel (5.0.1)
      activesupport (= 5.0.1)
    activerecord (5.0.1)
      activemodel (= 5.0.1)
      activesupport (= 5.0.1)
      arel (~> 7.0)
    activesupport (5.0.1)
      concurrent-ruby (~> 1.0, >= 1.0.2)
      i18n (~> 0.7)
      minitest (~> 5.1)
      tzinfo (~> 1.1)
    amq-protocol (2.0.1)
    arel (7.1.4)
    ast (2.3.0)
    backburner (1.3.1)
      beaneater (~> 1.0)
      concurrent-ruby (~> 1.0.1)
      dante (> 0.1.5)
    bcrypt (3.1.11)
    beaneater (1.0.0)
    builder (3.2.3)
    bunny (2.6.3)
      amq-protocol (>= 2.0.1)
    coffee-rails (4.2.1)
      coffee-script (>= 2.2.0)
      railties (>= 4.0.0, < 5.2.x)
    coffee-script (2.4.1)
      coffee-script-source
      execjs
    coffee-script-source (1.12.2)
    concurrent-ruby (1.0.4)
    connection_pool (2.2.1)
    dalli (2.7.6)
    dante (0.2.0)
    em-hiredis (0.3.1)
      eventmachine (~> 1.0)
      hiredis (~> 0.6.0)
    erubis (2.7.0)
    eventmachine (1.2.1)
    execjs (2.7.0)
    ffi (1.9.17)
    hiredis (0.6.1)
    i18n (0.7.0)
    jquery-rails (4.2.2)
      rails-dom-testing (>= 1, < 3)
      railties (>= 4.2.0)
      thor (>= 0.14, < 2.0)
    json (2.0.3)
    kindlerb (1.2.0)
      mustache
      nokogiri
    libxml-ruby (2.9.0)
    listen (3.1.5)
      rb-fsevent (~> 0.9, >= 0.9.4)
      rb-inotify (~> 0.9, >= 0.9.7)
      ruby_dep (~> 1.2)
    loofah (2.0.3)
      nokogiri (>= 1.5.9)
    method_source (0.8.2)
    mini_portile2 (2.1.0)
    minitest (5.10.1)
    mono_logger (1.1.0)
    multi_json (1.12.1)
    mustache (1.0.3)
    nokogiri (1.7.0.1)
      mini_portile2 (~> 2.1.0)
    parser (2.3.3.1)
      ast (~> 2.2)
    pg (0.19.0)
    powerpack (0.1.1)
    puma (3.6.2)
    qu (0.2.0)
      multi_json
    qu-redis (0.2.0)
      qu (= 0.2.0)
      redis-namespace
      simple_uuid
    que (0.12.0)
    rack (2.0.1)
    rack-cache (1.6.1)
      rack (>= 0.4)
    rack-protection (1.5.3)
      rack
    rack-test (0.6.3)
      rack (>= 1.0)
    rails-dom-testing (2.0.2)
      activesupport (>= 4.2.0, < 6.0)
      nokogiri (~> 1.6)
    rails-html-sanitizer (1.0.3)
      loofah (~> 2.0)
    railties (5.0.1)
      actionpack (= 5.0.1)
      activesupport (= 5.0.1)
      method_source
      rake (>= 0.8.7)
      thor (>= 0.18.1, < 2.0)
    rainbow (2.2.1)
    rake (12.0.0)
    rb-fsevent (0.9.8)
    rdoc (5.0.0.beta2)
    redcarpet (3.2.3)
    redis (3.3.2)
    redis-namespace (1.5.2)
      redis (~> 3.0, >= 3.0.4)
    resque-scheduler (4.3.0)
      mono_logger (~> 1.0)
      redis (~> 3.3)
      resque (~> 1.26)
      rufus-scheduler (~> 3.2)
    rubocop (0.47.1)
      parser (>= 2.3.3.1, < 3.0)
      powerpack (~> 0.1)
      rainbow (>= 1.99.1, < 3.0)
      ruby-progressbar (~> 1.7)
      unicode-display_width (~> 1.0, >= 1.0.1)
    ruby-progressbar (1.8.1)
    ruby_dep (1.5.0)
    rufus-scheduler (3.3.2)
      tzinfo
    sass-rails (5.0.6)
      railties (>= 4.0.0, < 6)
      sass (~> 3.1)
      sprockets (>= 2.8, < 4.0)
      sprockets-rails (>= 2.0, < 4.0)
      tilt (>= 1.1, < 3)
    sdoc (1.0.0.beta2)
      rdoc (= 5.0.0.beta2)
    sequel (4.42.1)
    serverengine (1.5.11)
      sigdump (~> 0.2.2)
    sidekiq (4.2.9)
      concurrent-ruby (~> 1.0)
      connection_pool (~> 2.2, >= 2.2.0)
      rack-protection (>= 1.5.0)
      redis (~> 3.2, >= 3.2.1)
    sigdump (0.2.4)
    simple_uuid (0.4.0)
    sinatra (1.0)
      rack (>= 1.0)
    sneakers (2.4.0)
      bunny (~> 2.6)
      serverengine (~> 1.5.11)
      thor
      thread (~> 0.1.7)
    sprockets (3.7.1)
      concurrent-ruby (~> 1.0)
      rack (> 1, < 3)
    sprockets-rails (3.2.0)
      actionpack (>= 4.0)
      activesupport (>= 4.0)
      sprockets (>= 3.0.0)
    sucker_punch (2.0.2)
      concurrent-ruby (~> 1.0.0)
    thor (0.19.4)
    thread (0.1.7)
    thread_safe (0.3.5)
    tilt (2.0.5)
    turbolinks (5.0.1)
      turbolinks-source (~> 5)
    turbolinks-source (5.0.0)
    tzinfo (1.2.2)
      thread_safe (~> 0.1)
    uglifier (3.0.4)
      execjs (>= 0.3.0, < 3)
    unicode-display_width (1.1.3)
    vegas (0.1.11)
      rack (>= 1.0.0)
    w3c_validators (1.3.1)
      json (~> 2.0)
      nokogiri (~> 1.6)

PLATFORMS
  ruby

DEPENDENCIES
  backburner
  bcrypt (~> 3.1.11)
  coffee-rails
  dalli (>= 2.2.1)
  delayed_job!
  delayed_job_active_record!
  em-hiredis
  hiredis
  jquery-rails
  json (>= 2.0.0)
  kindlerb (>= 1.0.1)
  libxml-ruby
  listen (>= 3.0.5, < 3.2)
  puma
  qu-redis
  que
  queue_classic!
  rack-cache (~> 1.2)
  rake (>= 11.1)
  rb-inotify!
  redcarpet (~> 3.2.3)
  redis
  resque!
  resque-scheduler
  rubocop
  sass!
  sass-rails
  sdoc (= 1.0.0.beta2)
  sequel
  sidekiq
  sneakers
  sucker_punch
  turbolinks (~> 5)
  uglifier (>= 1.3.0)
  w3c_validators

BUNDLED WITH
   1.13.6
